GEM
  remote: https://rubygems.org/
  specs:
    file-tail (1.1.0)
      tins (~> 1.0)
    tins (1.3.3)

PLATFORMS
  ruby

DEPENDENCIES
  file-tail
